RESTRICTION: >= net45
NUGET
  remote: https://www.nuget.org/api/v2
    FSharp.Data (2.4.6)
    Newtonsoft.Json (11.0.2)
